GEM
  remote: https://rubygems.org/
  specs:
    ruby2d (0.10.0)

PLATFORMS
  x64-mingw32
  x86_64-linux

DEPENDENCIES
  ruby2d

BUNDLED WITH
   2.2.22
